GEM
  remote: https://rubygems.org/
  specs:
    coderay (1.1.3)
    csv (3.1.9)
   
    pry (0.14.1)
    
    rack (2.2.3)
    
      rack
    
    shotgun (0.9.2)
      rack (>= 1.0)
    sinatra (2.1.0)
      
      rack (~> 2.2)
  

PLATFORMS
  ruby

DEPENDENCIES
  csv
  pry
  shotgun
  sinatra

RUBY VERSION
   ruby 2.7.1p83

BUNDLED WITH
   2.1.4
